GEM
  remote: https://rubygems.org/
  specs:
    concurrent-ruby (1.0.2)
    httparty (0.13.3)
      json (~> 1.8)
      multi_xml (>= 0.5.2)
    json (1.8.3)
    line-bot-api (1.0.0)
    multi_xml (0.5.5)
    rack (1.6.4)
    rack-protection (1.5.3)
      rack
    semantic_logger (3.3.0)
      concurrent-ruby (~> 1.0)
    sinatra (1.4.7)
      rack (~> 1.5)
      rack-protection (~> 1.4)
      tilt (>= 1.3, < 3)
    sinatra-logger (0.3.1)
      semantic_logger
      sinatra
    tilt (2.0.5)

PLATFORMS
  ruby

DEPENDENCIES
  httparty
  line-bot-api
  sinatra
  sinatra-logger
